GEM
  remote: https://rubygems.org/
  specs:
    curb (0.9.1)
    rack (1.6.4)
    rack-protection (1.5.3)
      rack
    rubyzip (1.1.6)
    sinatra (1.4.6)
      rack (~> 1.4)
      rack-protection (~> 1.4)
      tilt (>= 1.3, < 3)
    slim (3.0.6)
      temple (~> 0.7.3)
      tilt (>= 1.3.3, < 2.1)
    temple (0.7.6)
    tilt (2.0.2)

PLATFORMS
  ruby

DEPENDENCIES
  curb
  rubyzip
  sinatra
  slim
